PATH
  remote: .
  specs:
    puppet-lint-space_after_comma-check (1.0.2)
      puppet-lint (~> 1.0)

GEM
  remote: https://rubygems.org/
  specs:
    diff-lcs (1.3)
    puppet-lint (1.1.0)
    rake (10.5.0)
    rspec (3.5.0)
      rspec-core (~> 3.5.0)
      rspec-expectations (~> 3.5.0)
      rspec-mocks (~> 3.5.0)
    rspec-collection_matchers (1.1.3)
      rspec-expectations (>= 2.99.0.beta1)
    rspec-core (3.5.4)
      rspec-support (~> 3.5.0)
    rspec-expectations (3.5.0)
      diff-lcs (>= 1.2.0, < 2.0)
      rspec-support (~> 3.5.0)
    rspec-its (1.2.0)
      rspec-core (>= 3.0.0)
      rspec-expectations (>= 3.0.0)
    rspec-mocks (3.5.0)
      diff-lcs (>= 1.2.0, < 2.0)
      rspec-support (~> 3.5.0)
    rspec-support (3.5.0)

PLATFORMS
  ruby

DEPENDENCIES
  puppet-lint-space_after_comma-check!
  rake
  rspec (~> 3.0)
  rspec-collection_matchers (~> 1.0)
  rspec-its (~> 1.0)

BUNDLED WITH
   1.14.6
